PATH
  remote: .
  specs:
    gollum (4.0.1)
      gemojione (~> 2)
      gollum-lib (~> 4.0, >= 4.0.1)
      kramdown (~> 1.9.0)
      mustache (>= 0.99.5, < 1.0.0)
      sinatra (~> 1.4, >= 1.4.4)
      useragent (~> 0.16.2)

GEM
  remote: https://rubygems.org/
  specs:
    activesupport (4.0.13)
      i18n (~> 0.6, >= 0.6.9)
      minitest (~> 4.2)
      multi_json (~> 1.3)
      thread_safe (~> 0.1)
      tzinfo (~> 0.3.37)
    ansi (1.5.0)
    builder (3.2.2)
    camertron-eprun (1.1.0)
    charlock_holmes (0.7.3)
    cldr-plurals-runtime-rb (1.0.1)
    diff-lcs (1.2.5)
    gemojione (2.6.0)
      json
    github-markup (1.4.0)
    gitlab-grit (2.8.1)
      charlock_holmes (~> 0.6)
      diff-lcs (~> 1.1)
      mime-types (>= 1.16, < 3)
      posix-spawn (~> 0.3)
    gollum-grit_adapter (1.0.1)
      gitlab-grit (~> 2.7, >= 2.7.1)
    gollum-lib (4.2.0)
      github-markup (~> 1.4.0)
      gollum-grit_adapter (~> 1.0)
      nokogiri (~> 1.6.4)
      rouge (~> 1.10)
      sanitize (~> 2.1.0)
      stringex (~> 2.5.1)
    hashie (3.4.4)
    i18n (0.7.0)
    json (1.8.3)
    kramdown (1.9.0)
    metaclass (0.0.4)
    mime-types (2.99.2)
    mini_portile2 (2.1.0)
    minitest (4.7.5)
    minitest-reporters (0.14.24)
      ansi
      builder
      minitest (>= 2.12, < 5.0)
      powerbar
    mocha (1.1.0)
      metaclass (~> 0.0.1)
    multi_json (1.12.1)
    mustache (0.99.8)
    nokogiri (1.6.8)
      mini_portile2 (~> 2.1.0)
      pkg-config (~> 1.1.7)
    pkg-config (1.1.7)
    posix-spawn (0.3.11)
    power_assert (0.3.0)
    powerbar (1.0.17)
      hashie (>= 1.1.0)
    rack (1.6.4)
    rack-protection (1.5.3)
      rack
    rack-test (0.6.3)
      rack (>= 1.0)
    rake (10.5.0)
    rouge (1.11.1)
    sanitize (2.1.0)
      nokogiri (>= 1.4.4)
    shoulda (3.5.0)
      shoulda-context (~> 1.0, >= 1.0.1)
      shoulda-matchers (>= 1.4.1, < 3.0)
    shoulda-context (1.2.1)
    shoulda-matchers (2.8.0)
      activesupport (>= 3.0.0)
    sinatra (1.4.7)
      rack (~> 1.5)
      rack-protection (~> 1.4)
      tilt (>= 1.3, < 3)
    stringex (2.5.2)
    test-unit (3.1.9)
      power_assert
    thread_safe (0.3.5)
    tilt (2.0.5)
    twitter_cldr (3.2.1)
      camertron-eprun
      cldr-plurals-runtime-rb (~> 1.0.0)
      json
      tzinfo
    tzinfo (0.3.50)
    useragent (0.16.7)
    webrick (1.3.1)

PLATFORMS
  ruby

DEPENDENCIES
  gollum!
  minitest-reporters (~> 0.14.16)
  mocha (~> 1.1.0)
  rack-test (~> 0.6.2)
  rake (~> 10.4)
  shoulda (~> 3.5.0)
  test-unit (~> 3.1.0)
  twitter_cldr (~> 3.2.0)
  webrick (~> 1.3.1)

BUNDLED WITH
   1.12.5
